GEM
  remote: https://rubygems.org/
  specs:
    mime-types (2.0)
    oauth (0.4.7)
    rest-client (1.6.7)
      mime-types (>= 1.16)

PLATFORMS
  ruby

DEPENDENCIES
  oauth
  rest-client
